GEM
  remote: https://rubygems.org/
  specs:
    colorize (0.8.1)
    pqueue (2.1.0)

PLATFORMS
  ruby

DEPENDENCIES
  colorize
  pqueue
